GEM
  remote: https://rubygems.org/
  specs:
    backports (3.3.0)
    colored (1.2)
    json_pure (1.8.3)
    metaclass (0.0.4)
    mocha (1.1.0)
      metaclass (~> 0.0.1)
    power_assert (0.2.7)
    test-unit (3.1.5)
      power_assert

PLATFORMS
  ruby

DEPENDENCIES
  backports (= 3.3.0)
  colored
  json_pure
  mocha
  test-unit

BUNDLED WITH
   1.11.2
